GIT
  remote: git://github.com/codeforamerica/spy_glass.git
  revision: 70ab647c984c19b37fea67539e60cd8f19fe187a
  ref: 70ab647c984
  specs:
    spy_glass (0.1.0)
      activesupport (~> 3.1)
      faraday (~> 0.9)

GEM
  remote: https://rubygems.org/
  specs:
    activesupport (3.2.19)
      i18n (~> 0.6, >= 0.6.4)
      multi_json (~> 1.0)
    dotenv (0.11.1)
      dotenv-deployment (~> 0.0.2)
    dotenv-deployment (0.0.2)
    faraday (0.9.0)
      multipart-post (>= 1.2, < 3)
    i18n (0.6.11)
    multi_json (1.10.1)
    multipart-post (2.0.0)
    puma (2.8.2)
      rack (>= 1.1, < 2.0)
    rack (1.5.2)
    rack-protection (1.5.3)
      rack
    sinatra (1.4.5)
      rack (~> 1.4)
      rack-protection (~> 1.4)
      tilt (~> 1.3, >= 1.3.4)
    tilt (1.4.1)

PLATFORMS
  ruby

DEPENDENCIES
  dotenv
  puma
  sinatra
  spy_glass!
